GEM
  remote: https://rubygems.org/
  specs:
    beefcake (0.3.7)
    builder (3.2.2)
    i18n (0.6.5)
    innertube (1.0.2)
    multi_json (1.7.9)
    riak-client (1.4.0)
      beefcake (~> 0.3.7)
      builder (>= 2.1.2)
      i18n (>= 0.4.0)
      innertube (~> 1.0.2)
      multi_json (~> 1.0)
    ruby-progressbar (1.2.0)

PLATFORMS
  ruby

DEPENDENCIES
  riak-client
  ruby-progressbar
